PATH
  remote: .
  specs:
    rack-user-locale (0.3.0)
      i18n (>= 0.6.6)
      rack (>= 1.6.11)

GEM
  remote: https://rubygems.org/
  specs:
    ansi (1.5.0)
    builder (3.2.3)
    concurrent-ruby (1.1.5)
    i18n (1.6.0)
      concurrent-ruby (~> 1.0)
    minitest (5.12.2)
    minitest-fail-fast (0.1.0)
      minitest (~> 5)
    minitest-macos-notification (0.1.0)
      minitest (~> 5.0)
      minitest-reporters (~> 1.4)
      os (~> 1.0)
      terminal-notifier (~> 2.0)
    minitest-reporters (1.4.2)
      ansi
      builder
      minitest (>= 5.0)
      ruby-progressbar
    os (1.0.1)
    rack (2.0.7)
    rack-test (1.1.0)
      rack (>= 1.0, < 3)
    rake (13.0.0)
    ruby-progressbar (1.10.1)
    terminal-notifier (2.0.0)

PLATFORMS
  ruby

DEPENDENCIES
  bundler (~> 2.0)
  minitest (~> 5.12)
  minitest-fail-fast (~> 0.1)
  minitest-macos-notification (~> 0.1)
  minitest-reporters (~> 1.4)
  rack-test (~> 1.1)
  rack-user-locale!
  rake (~> 13.0)

BUNDLED WITH
   2.0.2
