PATH
  remote: .
  specs:
    rack-user-locale (0.2.1)
      i18n (>= 0.6.6)
      rack (>= 1.6.11)

GEM
  remote: https://rubygems.org/
  specs:
    ansi (1.5.0)
    builder (3.2.3)
    concurrent-ruby (1.1.4)
    i18n (1.5.1)
      concurrent-ruby (~> 1.0)
    minitest (5.11.3)
    minitest-fail-fast (0.1.0)
      minitest (~> 5)
    minitest-macos-notification (0.0.4)
      minitest (~> 5.0)
      minitest-reporters (~> 1.3)
      os (~> 1.0)
      terminal-notifier (~> 2.0)
    minitest-reporters (1.3.5)
      ansi
      builder
      minitest (>= 5.0)
      ruby-progressbar
    os (1.0.0)
    rack (2.0.6)
    rack-test (1.1.0)
      rack (>= 1.0, < 3)
    rake (12.3.2)
    ruby-progressbar (1.10.0)
    terminal-notifier (2.0.0)

PLATFORMS
  ruby

DEPENDENCIES
  bundler (~> 1.16)
  minitest (~> 5.0)
  minitest-fail-fast (~> 0.1)
  minitest-macos-notification (~> 0)
  minitest-reporters (~> 1.3)
  rack-test (~> 1.1)
  rack-user-locale!
  rake (~> 12.0)

BUNDLED WITH
   1.17.2
